PATH
  remote: .
  specs:
    opt_client (0.1.0)

GEM
  remote: https://rubygems.org/
  specs:
    rake (10.5.0)

PLATFORMS
  ruby

DEPENDENCIES
  bundler (~> 1.10)
  opt_client!
  rake (~> 10.0)

BUNDLED WITH
   1.10.3
